GEM
  remote: http://rubygems.org/
  specs:
    coderay (1.0.9)
    jdbc-postgres (9.2.1002.1)
    method_source (0.8.1)
    pry (0.9.12-java)
      coderay (~> 1.0.5)
      method_source (~> 0.8)
      slop (~> 3.4)
      spoon (~> 0.0)
    rack (1.5.2)
    rack-protection (1.5.0)
      rack
    sequel (3.45.0)
    sinatra (1.4.1)
      rack (~> 1.5, >= 1.5.2)
      rack-protection (~> 1.4)
      tilt (~> 1.3, >= 1.3.4)
    slop (3.4.4)
    spoon (0.0.1)
    tilt (1.3.6)

PLATFORMS
  java

DEPENDENCIES
  jdbc-postgres
  pry
  sequel
  sinatra
